GEM
  remote: https://rubygems.org/
  specs:
    addressable (2.4.0)
    ast (2.3.0)
    colorize (0.8.1)
    datadog-sdk-testing (0.7.4)
      colorize (~> 0.8)
      httparty (~> 0.14)
      rake (~> 11.0)
      rubocop (~> 0.38)
    httparty (0.14.0)
      multi_xml (>= 0.5.2)
    multi_xml (0.6.0)
    parser (2.4.0.0)
      ast (~> 2.2)
    powerpack (0.1.1)
    public_suffix (1.4.6)
    rainbow (2.0.0)
    rake (11.3.0)
    rubocop (0.38.0)
      parser (>= 2.3.0.6, < 3.0)
      powerpack (~> 0.1)
      rainbow (>= 1.99.1, < 3.0)
      ruby-progressbar (~> 1.7)
      unicode-display_width (~> 1.0, >= 1.0.1)
    ruby-progressbar (1.8.1)
    unicode-display_width (1.1.3)

PLATFORMS
  ruby

DEPENDENCIES
  addressable
  bundler
  colorize
  datadog-sdk-testing (>= 0.7.4)
  httparty
  public_suffix (~> 1.4.0)
  rainbow (~> 2.0.0)
  rake (~> 11.3.0)
  rubocop (~> 0.38.0)

BUNDLED WITH
   1.15.1
